GIT
  remote: git://github.com/ernie/ransack.git
  revision: 566332e4dc64602d23fb2cf5a85b7612fbc024a8
  branch: rails-4
  specs:
    ransack (0.7.3)
      actionpack
      activerecord
      polyamorous (~> 0.6.0)

GIT
  remote: git://github.com/gregbell/active_admin.git
  revision: 51a5a72974ba36cfe199d78eebb0747018e48edc
  branch: rails4
  specs:
    activeadmin (0.6.0)
      arbre (>= 1.0.1)
      bourbon (>= 1.0.0)
      coffee-rails (>= 3.2.0)
      devise (>= 3.0.0.rc)
      formtastic (>= 2.0.0)
      inherited_resources (>= 1.3.1)
      jquery-rails (>= 3.0.0)
      jquery-ui-rails (>= 4.0.0)
      kaminari (>= 0.13.0)
      rails (>= 3.2.0)
      ransack (>= 0.7.0)
      sass-rails (>= 3.2.0)

GIT
  remote: git://github.com/josevalim/inherited_resources.git
  revision: 2656ca0cea51cc7469be1d30cace24752d5b4e3b
  specs:
    inherited_resources (1.4.0)
      has_scope (~> 0.6.0.rc)
      responders (~> 1.0.0.rc)

GIT
  remote: git://github.com/justinfrench/formtastic.git
  revision: 58ef0ee246bb2aa4e32f19faab8d737f6c3ab963
  specs:
    formtastic (2.2.1)
      actionpack (>= 3.0)

GIT
  remote: git://github.com/librato/librato-rails.git
  revision: 82a95ae54f2ed990135a7b655293107384da2796
  branch: feature/rack_first
  specs:
    librato-rails (0.8.1)
      librato-metrics (~> 1.0.2)
      rails (>= 3.0)

GIT
  remote: git://github.com/plataformatec/responders.git
  revision: c7479d6076445d0a28ff7231fcdd37c76b782ae8
  specs:
    responders (1.0.0.rc)
      railties (>= 3.2, < 5)

GEM
  remote: https://rubygems.org/
  remote: https://8dezqz7z7HWea9vtaFwg@gem.fury.io/me/
  specs:
    actionmailer (4.0.0)
      actionpack (= 4.0.0)
      mail (~> 2.5.3)
    actionpack (4.0.0)
      activesupport (= 4.0.0)
      builder (~> 3.1.0)
      erubis (~> 2.7.0)
      rack (~> 1.5.2)
      rack-test (~> 0.6.2)
    activemodel (4.0.0)
      activesupport (= 4.0.0)
      builder (~> 3.1.0)
    activerecord (4.0.0)
      activemodel (= 4.0.0)
      activerecord-deprecated_finders (~> 1.0.2)
      activesupport (= 4.0.0)
      arel (~> 4.0.0)
    activerecord-deprecated_finders (1.0.3)
    activesupport (4.0.0)
      i18n (~> 0.6, >= 0.6.4)
      minitest (~> 4.2)
      multi_json (~> 1.3)
      thread_safe (~> 0.1)
      tzinfo (~> 0.3.37)
    addressable (2.3.5)
    aggregate (0.2.2)
    annotate (2.5.0)
      rake
    arbre (1.0.1)
      activesupport (>= 3.0.0)
    arel (4.0.0)
    atomic (1.1.10)
    bcrypt-ruby (3.0.1)
    better_errors (0.9.0)
      coderay (>= 1.0.0)
      erubis (>= 2.6.6)
    binding_of_caller (0.7.2)
      debug_inspector (>= 0.0.1)
    bourbon (3.1.8)
      sass (>= 3.2.0)
      thor
    builder (3.1.4)
    carrierwave (0.8.0)
      activemodel (>= 3.2.0)
      activesupport (>= 3.2.0)
    celluloid (0.14.1)
      timers (>= 1.0.0)
    coderay (1.0.9)
    coffee-rails (4.0.0)
      coffee-script (>= 2.2.0)
      railties (>= 4.0.0.beta, < 5.0)
    coffee-script (2.2.0)
      coffee-script-source
      execjs
    coffee-script-source (1.6.2)
    connection_pool (1.1.0)
    crack (0.4.0)
      safe_yaml (~> 0.9.0)
    database_cleaner (1.0.1)
    debug_inspector (0.0.2)
    devise (3.0.0.rc)
      bcrypt-ruby (~> 3.0)
      orm_adapter (~> 0.1)
      railties (>= 3.2.6, < 5)
      warden (~> 1.2.1)
    diff-lcs (1.2.4)
    dotenv (0.8.0)
    dotenv-rails (0.8.0)
      dotenv (= 0.8.0)
    erubis (2.7.0)
    ethon (0.5.12)
      ffi (>= 1.3.0)
      mime-types (~> 1.18)
    eventmachine (1.0.3)
    excon (0.23.0)
    execjs (1.4.0)
      multi_json (~> 1.0)
    factory_girl (4.2.0)
      activesupport (>= 3.0.0)
    factory_girl_rails (4.2.1)
      factory_girl (~> 4.2.0)
      railties (>= 3.0.0)
    faraday (0.8.7)
      multipart-post (~> 1.1)
    faraday-http-cache (0.2.1)
      activesupport (>= 3.0)
      faraday (~> 0.8)
      multi_json (~> 1.3)
    faraday_middleware (0.9.0)
      faraday (>= 0.7.4, < 0.9)
    ffi (1.9.0)
    fog (1.12.1)
      builder
      excon (~> 0.23.0)
      formatador (~> 0.2.0)
      mime-types
      multi_json (~> 1.0)
      net-scp (~> 1.1)
      net-ssh (>= 2.1.3)
      nokogiri (~> 1.5.0)
      ruby-hmac
    formatador (0.2.4)
    guard (1.8.1)
      formatador (>= 0.2.4)
      listen (>= 1.0.0)
      lumberjack (>= 1.0.2)
      pry (>= 0.9.10)
      thor (>= 0.14.6)
    guard-rspec (3.0.2)
      guard (>= 1.8)
      rspec (~> 2.13)
    has_scope (0.6.0.rc)
      actionpack (>= 3.2, < 5)
      activesupport (>= 3.2, < 5)
    hashie (1.2.0)
    her (0.6.7)
      activemodel (>= 3.0.0)
      activesupport (>= 3.0.0)
      faraday (~> 0.8)
      multi_json (~> 1.7)
    hike (1.2.3)
    http_parser.rb (0.5.3)
    i18n (0.6.4)
    jquery-rails (3.0.1)
      railties (>= 3.0, < 5.0)
      thor (>= 0.14, < 2.0)
    jquery-ui-rails (4.0.3)
      jquery-rails
      railties (>= 3.1.0)
    json (1.7.7)
    kaminari (0.14.1)
      actionpack (>= 3.0.0)
      activesupport (>= 3.0.0)
    kgio (2.8.0)
    librato-metrics (1.0.4)
      aggregate (~> 0.2.2)
      faraday (~> 0.7)
      multi_json
    listen (1.2.2)
      rb-fsevent (>= 0.9.3)
      rb-inotify (>= 0.9)
      rb-kqueue (>= 0.2)
    lumberjack (1.0.4)
    mail (2.5.4)
      mime-types (~> 1.16)
      treetop (~> 1.4.8)
    method_source (0.8.1)
    mime-types (1.23)
    minitest (4.7.5)
    multi_json (1.7.7)
    multipart-post (1.2.0)
    net-scp (1.1.1)
      net-ssh (>= 2.6.5)
    net-ssh (2.6.7)
    nokogiri (1.5.10)
    orm_adapter (0.4.0)
    ox (2.0.4)
    pg (0.15.1)
    polyamorous (0.6.3)
      activerecord (>= 3.0)
    polyglot (0.3.3)
    pry (0.9.12.2)
      coderay (~> 1.0.5)
      method_source (~> 0.8)
      slop (~> 3.4)
    quiet_assets (1.0.2)
      railties (>= 3.1, < 5.0)
    rack (1.5.2)
    rack-devise_cookie_auth (0.1.0)
      activesupport (>= 2.3.2)
      rack (>= 1.0)
    rack-test (0.6.2)
      rack (>= 1.0)
    rails (4.0.0)
      actionmailer (= 4.0.0)
      actionpack (= 4.0.0)
      activerecord (= 4.0.0)
      activesupport (= 4.0.0)
      bundler (>= 1.3.0, < 2.0)
      railties (= 4.0.0)
      sprockets-rails (~> 2.0.0)
    railties (4.0.0)
      actionpack (= 4.0.0)
      activesupport (= 4.0.0)
      rake (>= 0.8.7)
      thor (>= 0.18.1, < 2.0)
    raindrops (0.11.0)
    rake (10.1.0)
    rb-fsevent (0.9.3)
    rb-inotify (0.9.0)
      ffi (>= 0.5.0)
    rb-kqueue (0.2.0)
      ffi (>= 0.5.0)
    redis (3.0.4)
    redis-namespace (1.3.0)
      redis (~> 3.0.0)
    rescue_me (0.1.3)
    rspec (2.13.0)
      rspec-core (~> 2.13.0)
      rspec-expectations (~> 2.13.0)
      rspec-mocks (~> 2.13.0)
    rspec-core (2.13.1)
    rspec-expectations (2.13.0)
      diff-lcs (>= 1.1.3, < 2.0)
    rspec-mocks (2.13.1)
    rspec-rails (2.13.2)
      actionpack (>= 3.0)
      activesupport (>= 3.0)
      railties (>= 3.0)
      rspec-core (~> 2.13.0)
      rspec-expectations (~> 2.13.0)
      rspec-mocks (~> 2.13.0)
    ruby-hmac (0.4.0)
    ruby_gntp (0.3.4)
    rubyzip (0.9.9)
    safe_yaml (0.9.3)
    sass (3.2.9)
    sass-rails (4.0.0)
      railties (>= 4.0.0.beta, < 5.0)
      sass (>= 3.1.10)
      sprockets-rails (~> 2.0.0)
    serialize-rails (0.0.2)
      ox
      rails (>= 3.0.0)
    shoulda-matchers (2.2.0)
      activesupport (>= 3.0.0)
    sidekiq (2.12.4)
      celluloid (>= 0.14.1)
      connection_pool (>= 1.0.0)
      json
      redis (>= 3.0)
      redis-namespace
    silent-postgres (0.1.1)
    simple_oauth (0.1.9)
    slim (2.0.0)
      temple (~> 0.6.5)
      tilt (~> 1.3, >= 1.3.3)
    slop (3.4.5)
    solve (0.6.0)
    sprockets (2.10.0)
      hike (~> 1.2)
      multi_json (~> 1.0)
      rack (~> 1.0)
      tilt (~> 1.1, != 1.3.0)
    sprockets-rails (2.0.0)
      actionpack (>= 3.0)
      activesupport (>= 3.0)
      sprockets (~> 2.8)
    sublime_video_private_api (1.5.2)
      activesupport (>= 3.2)
      faraday-http-cache (~> 0.2.1)
      her (~> 0.6.1)
      kaminari
      multi_json
      rescue_me
      responders
      timecop
    temple (0.6.5)
    thor (0.18.1)
    thread_safe (0.1.0)
      atomic
    tilt (1.4.1)
    timecop (0.6.1)
    timers (1.1.0)
    tinder (1.9.2)
      eventmachine (~> 1.0)
      faraday (~> 0.8)
      faraday_middleware (~> 0.9)
      hashie (~> 1.0)
      json (~> 1.7.5)
      mime-types (~> 1.19)
      multi_json (~> 1.5)
      twitter-stream (~> 0.1)
    treetop (1.4.14)
      polyglot
      polyglot (>= 0.3.1)
    twitter-stream (0.1.16)
      eventmachine (>= 0.12.8)
      http_parser.rb (~> 0.5.1)
      simple_oauth (~> 0.1.4)
    typhoeus (0.6.3)
      ethon (~> 0.5.11)
    tzinfo (0.3.37)
    uglifier (2.1.1)
      execjs (>= 0.3.0)
      multi_json (~> 1.0, >= 1.0.2)
    unicorn (4.6.3)
      kgio (~> 2.6)
      rack
      raindrops (~> 0.7)
    vcr (2.5.0)
    warden (1.2.1)
      rack (>= 1.0)
    webmock (1.12.3)
      addressable (>= 2.2.7)
      crack (>= 0.3.2)

PLATFORMS
  ruby

DEPENDENCIES
  activeadmin!
  annotate
  better_errors
  binding_of_caller
  carrierwave
  coffee-rails
  database_cleaner
  dotenv-rails
  factory_girl_rails
  fog
  formtastic!
  guard-rspec
  inherited_resources!
  librato-rails!
  mime-types
  pg
  quiet_assets
  rack-devise_cookie_auth
  rails (~> 4.0.0)
  ransack!
  responders!
  rspec-rails
  ruby_gntp
  rubyzip
  sass-rails
  serialize-rails
  shoulda-matchers
  sidekiq
  silent-postgres
  slim
  solve
  sublime_video_private_api (~> 1.5)
  tinder
  typhoeus
  uglifier (>= 1.0.3)
  unicorn
  vcr
  webmock
